PATH
  remote: .
  specs:
    code-tools (5.0.1)
      methadone (~> 1.9)
      nokogiri (~> 1.6)
      tzinfo (~> 1.2)

GEM
  remote: https://rubygems.org/
  specs:
    methadone (1.9.5)
      bundler
    mini_portile2 (2.1.0)
    nokogiri (1.7.0.1)
      mini_portile2 (~> 2.1.0)
    thread_safe (0.3.5)
    tzinfo (1.2.2)
      thread_safe (~> 0.1)

PLATFORMS
  ruby

DEPENDENCIES
  code-tools!

BUNDLED WITH
   1.13.6
