PATH
  remote: .
  specs:
    code_tools (4.2.1)
      methadone (~> 1.9)
      nokogiri (~> 1.6)
      tzinfo (~> 1.2)

GEM
  remote: https://rubygems.org/
  specs:
    methadone (1.9.2)
      bundler
    mini_portile2 (2.0.0)
    nokogiri (1.6.7.1)
      mini_portile2 (~> 2.0.0.rc2)
    thread_safe (0.3.5)
    tzinfo (1.2.2)
      thread_safe (~> 0.1)

PLATFORMS
  ruby

DEPENDENCIES
  code_tools!

BUNDLED WITH
   1.11.2
