GEM
  remote: https://rubygems.org/
  specs:
    mini_portile (0.6.2)
    nokogiri (1.6.6.2)
      mini_portile (~> 0.6.0)
    thread_safe (0.3.5)
    tzinfo (1.2.2)
      thread_safe (~> 0.1)

PLATFORMS
  ruby

DEPENDENCIES
  nokogiri
  tzinfo

BUNDLED WITH
   1.10.6
